PATH
  remote: .
  specs:
    extism (1.0.0.pre.rc.2)
      ffi (>= 1.0.0)

GEM
  remote: https://rubygems.org/
  specs:
    debug (1.8.0)
      irb (>= 1.5.0)
      reline (>= 0.3.1)
    ffi (1.15.5)
    io-console (0.6.0)
    irb (1.8.1)
      rdoc
      reline (>= 0.3.8)
    minitest (5.20.0)
    psych (5.1.0)
      stringio
    rake (13.0.6)
    rdoc (6.5.0)
      psych (>= 4.0.0)
    reline (0.3.8)
      io-console (~> 0.5)
    rufo (0.13.0)
    stringio (3.0.8)
    yard (0.9.34)

PLATFORMS
  arm64-darwin-22
  x86_64-linux

DEPENDENCIES
  debug
  extism!
  ffi (~> 1.15.5)
  minitest (~> 5.20.0)
  rake (~> 13.0)
  rufo (~> 0.13.0)
  yard (~> 0.9.28)

BUNDLED WITH
   2.4.10
